GIT
  remote: git://github.com/AdrienLE/active_column.git
  revision: 3c8e809c926e733bfc9eafd00dcd03e3f7549af7
  specs:
    active_column (0.2)
      rake
      simple_uuid (>= 0.1.0)

GIT
  remote: git://github.com/twitter/cassandra.git
  revision: 4bca4c8f0dc7392306197b47ad5163fc16439540
  specs:
    cassandra (0.12.2)
      json
      rake
      simple_uuid (~> 0.2.0)
      thrift_client (>= 0.7.0, < 0.9)

GEM
  remote: http://rubygems.org/
  specs:
    ZenTest (4.7.0)
    active_support (3.0.0)
      activesupport (= 3.0.0)
    activerecord (1.6.0)
    activesupport (3.0.0)
    autotest (4.4.6)
      ZenTest (>= 4.4.1)
    diff-lcs (1.1.3)
    em-rspec (0.1)
      eventmachine (>= 0.12.10)
    eventmachine (0.12.10)
    i18n (0.6.0)
    json (1.7.0)
    metaclass (0.0.1)
    metric_abc (0.0.3)
    mocha (0.11.3)
      metaclass (~> 0.0.1)
    msgpack (0.4.6)
    multi_json (1.3.4)
    rake (0.9.2.2)
    rspec (2.9.0)
      rspec-core (~> 2.9.0)
      rspec-expectations (~> 2.9.0)
      rspec-mocks (~> 2.9.0)
    rspec-core (2.9.0)
    rspec-expectations (2.9.1)
      diff-lcs (~> 1.1.3)
    rspec-mocks (2.9.0)
    shoulda (3.0.1)
      shoulda-context (~> 1.0.0)
      shoulda-matchers (~> 1.0.0)
    shoulda-context (1.0.0)
    shoulda-matchers (1.0.0)
    simple_uuid (0.2.0)
    simplecov (0.6.2)
      multi_json (~> 1.3)
      simplecov-html (~> 0.5.3)
    simplecov-html (0.5.3)
    simplecov-rcov (0.2.3)
      simplecov (>= 0.4.1)
    thrift (0.8.0)
    thrift_client (0.8.1)
      thrift (~> 0.8.0)
    yajl-ruby (1.1.0)

PLATFORMS
  ruby

DEPENDENCIES
  active_column!
  active_support
  activerecord
  autotest
  cassandra!
  em-rspec
  eventmachine
  i18n
  metric_abc
  mocha
  msgpack
  rake
  rspec
  shoulda
  simplecov
  simplecov-rcov
  yajl-ruby
