GEM
  remote: https://rubygems.org/
  specs:
    cassandra (0.12.1)
      json
      rake
      simple_uuid (>= 0.2.0)
      thrift_client (>= 0.7.0)
    diff-lcs (1.1.3)
    eventmachine (0.12.10)
    json (1.6.6)
    msgpack (0.4.6)
    rake (0.9.2.2)
    rspec (2.9.0)
      rspec-core (~> 2.9.0)
      rspec-expectations (~> 2.9.0)
      rspec-mocks (~> 2.9.0)
    rspec-core (2.9.0)
    rspec-expectations (2.9.1)
      diff-lcs (~> 1.1.3)
    rspec-mocks (2.9.0)
    shoulda (3.0.1)
      shoulda-context (~> 1.0.0)
      shoulda-matchers (~> 1.0.0)
    shoulda-context (1.0.0)
    shoulda-matchers (1.0.0)
    simple_uuid (0.2.0)
    thrift (0.8.0)
    thrift_client (0.8.1)
      thrift (~> 0.8.0)
    yajl-ruby (1.1.0)

PLATFORMS
  ruby

DEPENDENCIES
  cassandra
  eventmachine
  msgpack
  rspec
  shoulda
  yajl-ruby
